PATH
  remote: .
  specs:
    kovid (0.2.6)
      rainbow (~> 3.0)
      terminal-table (~> 1.8)
      thor (~> 1.0)
      typhoeus (~> 1.3)

GEM
  remote: https://rubygems.org/
  specs:
    aruba (1.0.0)
      childprocess (~> 3.0)
      contracts (~> 0.16.0)
      cucumber (>= 2.4, < 4.0)
      ffi (~> 1.9)
      rspec-expectations (~> 3.4)
      thor (~> 1.0)
    backports (3.17.0)
    builder (3.2.4)
    childprocess (3.0.0)
    coderay (1.1.2)
    contracts (0.16.0)
    cucumber (3.1.2)
      builder (>= 2.1.2)
      cucumber-core (~> 3.2.0)
      cucumber-expressions (~> 6.0.1)
      cucumber-wire (~> 0.0.1)
      diff-lcs (~> 1.3)
      gherkin (~> 5.1.0)
      multi_json (>= 1.7.5, < 2.0)
      multi_test (>= 0.1.2)
    cucumber-core (3.2.1)
      backports (>= 3.8.0)
      cucumber-tag_expressions (~> 1.1.0)
      gherkin (~> 5.0)
    cucumber-expressions (6.0.1)
    cucumber-tag_expressions (1.1.1)
    cucumber-wire (0.0.1)
    diff-lcs (1.3)
    docile (1.3.2)
    ethon (0.12.0)
      ffi (>= 1.3.0)
    ffi (1.12.2)
    gherkin (5.1.0)
    method_source (0.9.2)
    multi_json (1.14.1)
    multi_test (0.1.2)
    pry (0.12.2)
      coderay (~> 1.1.0)
      method_source (~> 0.9.0)
    rainbow (3.0.0)
    rake (12.3.3)
    rspec (3.9.0)
      rspec-core (~> 3.9.0)
      rspec-expectations (~> 3.9.0)
      rspec-mocks (~> 3.9.0)
    rspec-core (3.9.1)
      rspec-support (~> 3.9.1)
    rspec-expectations (3.9.1)
      diff-lcs (>= 1.2.0, < 2.0)
      rspec-support (~> 3.9.0)
    rspec-mocks (3.9.1)
      diff-lcs (>= 1.2.0, < 2.0)
      rspec-support (~> 3.9.0)
    rspec-support (3.9.2)
    simplecov (0.18.5)
      docile (~> 1.1)
      simplecov-html (~> 0.11)
    simplecov-html (0.12.2)
    terminal-table (1.8.0)
      unicode-display_width (~> 1.1, >= 1.1.1)
    thor (1.0.1)
    typhoeus (1.3.1)
      ethon (>= 0.9.0)
    unicode-display_width (1.7.0)

PLATFORMS
  ruby

DEPENDENCIES
  aruba
  cucumber
  kovid!
  pry
  rake (~> 12.0)
  rspec (~> 3.0)
  simplecov

BUNDLED WITH
   2.1.4
